GEM
  remote: https://rubygems.org/
  specs:
    addressable (2.6.0)
      public_suffix (>= 2.0.2, < 4.0)
    capybara (3.15.1)
      addressable
      mini_mime (>= 0.1.3)
      nokogiri (~> 1.8)
      rack (>= 1.6.0)
      rack-test (>= 0.6.3)
      regexp_parser (~> 1.2)
      xpath (~> 3.2)
    coderay (1.1.2)
    daemons (1.3.1)
    docdiff (0.5.0)
    eventmachine (1.2.7)
    foreman (0.85.0)
      thor (~> 0.19.1)
    hikidoc (0.1.0)
    json (2.2.0)
    method_source (0.9.2)
    mini_mime (1.0.1)
    mini_portile2 (2.4.0)
    mysql2 (0.5.2)
    nokogiri (1.10.3)
      mini_portile2 (~> 2.4.0)
    power_assert (1.1.4)
    pry (0.12.2)
      coderay (~> 1.1.0)
      method_source (~> 0.9.0)
    public_suffix (3.1.0)
    rack (2.0.7)
    rack-test (1.1.0)
      rack (>= 1.0, < 3)
    rake (12.3.2)
    rdtool (0.6.38)
    regexp_parser (1.5.1)
    rr (1.2.1)
    sequel (5.21.0)
    test-unit (3.3.3)
      power_assert
    test-unit-capybara (1.0.7)
      capybara (>= 2.1.0)
      json
      test-unit (>= 2.5.3)
    test-unit-notify (1.0.4)
      test-unit (>= 2.4.9)
    test-unit-rr (1.0.5)
      rr (>= 1.1.1)
      test-unit (>= 2.5.2)
    thin (1.7.2)
      daemons (~> 1.0, >= 1.0.9)
      eventmachine (~> 1.0, >= 1.0.4)
      rack (>= 1, < 3)
    thor (0.19.4)
    xmlrpc (0.3.0)
    xpath (3.2.0)
      nokogiri (~> 1.8)

PLATFORMS
  ruby

DEPENDENCIES
  capybara
  docdiff
  foreman
  hikidoc
  mysql2
  pry
  rack
  rake
  rdtool
  sequel
  test-unit
  test-unit-capybara
  test-unit-notify
  test-unit-rr
  thin
  xmlrpc

BUNDLED WITH
   2.0.1
